PATH
  remote: ../rmodbus
  specs:
    rmodbus (1.3.3)
      digest-crc (~> 0.1)

PATH
  remote: .
  specs:
    waterfurnace_aurora (0.0.1)
      mqtt (~> 0.5.0)
      net-telnet-rfc2217 (~> 0.0.4)
      rmodbus (~> 1.3.1)
      serialport (~> 1.3.1)

GEM
  remote: https://rubygems.org/
  specs:
    byebug (9.1.0)
    digest-crc (0.4.1)
    mqtt (0.5.0)
    net-telnet (0.2.0)
    net-telnet-rfc2217 (0.0.5)
      net-telnet (~> 0.2.0)
    rake (13.0.1)
    serialport (1.3.1)

PLATFORMS
  ruby

DEPENDENCIES
  byebug (~> 9.0)
  rake (~> 13.0)
  rmodbus!
  waterfurnace_aurora!

BUNDLED WITH
   2.1.4
