PATH
  remote: .
  specs:
    waterfurnace_aurora (0.1.1)
      ccutrer-serialport (~> 1.0.0)
      mqtt (~> 0.5.0)
      net-telnet-rfc2217 (~> 0.0.4)
      rmodbus-ccutrer (~> 2.0)

GEM
  remote: https://rubygems.org/
  specs:
    byebug (9.1.0)
    ccutrer-serialport (1.0.0)
      ffi (~> 1.9, >= 1.9.3)
    digest-crc (0.6.4)
      rake (>= 12.0.0, < 14.0.0)
    ffi (1.15.3)
    gserver (0.0.1)
    mqtt (0.5.0)
    net-telnet (0.2.0)
    net-telnet-rfc2217 (0.0.5)
      net-telnet (~> 0.2.0)
    rake (13.0.1)
    rmodbus-ccutrer (2.0.0)
      digest-crc (~> 0.1)

PLATFORMS
  ruby

DEPENDENCIES
  byebug (~> 9.0)
  gserver (~> 0.0.1)
  rake (~> 13.0)
  waterfurnace_aurora!

BUNDLED WITH
   2.1.4
