PATH
  remote: .
  specs:
    waterfurnace_aurora (1.5.7)
      ccutrer-serialport (~> 1.0)
      mqtt-homie-homeassistant (~> 1.0, >= 1.0.6)
      net-telnet-rfc2217 (~> 1.0, >= 1.0.1)
      puma (~> 6.4)
      rackup (>= 1.0.0, < 3.0.a)
      rmodbus (~> 2.1)
      sinatra (>= 2.2.4, < 5.0.a)

GEM
  remote: https://rubygems.org/
  specs:
    ast (2.4.2)
    base64 (0.2.0)
    ccutrer-serialport (1.1.0)
      ffi (~> 1.9, >= 1.9.3)
    date (3.4.1)
    debug (1.10.0)
      irb (~> 1.10)
      reline (>= 0.3.8)
    digest-crc (0.6.5)
      rake (>= 12.0.0, < 14.0.0)
    ffi (1.17.1-x86_64-linux-gnu)
    homie-mqtt (1.6.3)
      mqtt-ccutrer (~> 1.0, >= 1.0.3)
      ruby2_keywords (~> 0.0.5)
    io-console (0.8.0)
    irb (1.14.3)
      rdoc (>= 4.0.0)
      reline (>= 0.4.2)
    json (2.9.1)
    language_server-protocol (3.17.0.3)
    logger (1.6.6)
    mqtt-ccutrer (1.0.3)
    mqtt-homeassistant (1.0.3)
      json (~> 2.0)
      mqtt-ccutrer (~> 1.0, >= 1.0.3)
    mqtt-homie-homeassistant (1.0.6)
      homie-mqtt (~> 1.6)
      mqtt-homeassistant (~> 1.0, >= 1.0.3)
    mustermann (3.0.3)
      ruby2_keywords (~> 0.0.1)
    net-telnet (0.2.0)
    net-telnet-rfc2217 (1.0.2)
      net-telnet (~> 0.2.0)
    nio4r (2.7.4)
    parallel (1.26.3)
    parser (3.3.6.0)
      ast (~> 2.4.1)
      racc
    psych (5.2.2)
      date
      stringio
    puma (6.5.0)
      nio4r (~> 2.0)
    racc (1.8.1)
    rack (3.1.8)
    rack-protection (4.1.1)
      base64 (>= 0.1.0)
      logger (>= 1.6.0)
      rack (>= 3.0.0, < 4)
    rack-session (2.1.0)
      base64 (>= 0.1.0)
      rack (>= 3.0.0)
    rackup (2.2.1)
      rack (>= 3)
    rainbow (3.1.1)
    rake (13.2.1)
    rdoc (6.10.0)
      psych (>= 4.0.0)
    regexp_parser (2.10.0)
    reline (0.6.0)
      io-console (~> 0.5)
    rmodbus (2.1.3)
      digest-crc (~> 0.1)
    rubocop (1.69.2)
      json (~> 2.3)
      language_server-protocol (>= 3.17.0)
      parallel (~> 1.10)
      parser (>= 3.3.0.2)
      rainbow (>= 2.2.2, < 4.0)
      regexp_parser (>= 2.9.3, < 3.0)
      rubocop-ast (>= 1.36.2, < 2.0)
      ruby-progressbar (~> 1.7)
      unicode-display_width (>= 2.4.0, < 4.0)
    rubocop-ast (1.37.0)
      parser (>= 3.3.1.0)
    rubocop-inst (1.1.1)
      rubocop (~> 1.50)
      rubocop-performance (~> 1.17)
    rubocop-performance (1.23.0)
      rubocop (>= 1.48.1, < 2.0)
      rubocop-ast (>= 1.31.1, < 2.0)
    rubocop-rake (0.6.0)
      rubocop (~> 1.0)
    ruby-progressbar (1.13.0)
    ruby2_keywords (0.0.5)
    sinatra (4.1.1)
      logger (>= 1.6.0)
      mustermann (~> 3.0)
      rack (>= 3.0.0, < 4)
      rack-protection (= 4.1.1)
      rack-session (>= 2.0.0, < 3)
      tilt (~> 2.0)
    stringio (3.1.2)
    tilt (2.6.0)
    unicode-display_width (3.1.3)
      unicode-emoji (~> 4.0, >= 4.0.4)
    unicode-emoji (4.0.4)

PLATFORMS
  x86_64-linux

DEPENDENCIES
  debug (~> 1.9)
  rubocop-inst (~> 1.0)
  rubocop-rake (~> 0.6)
  waterfurnace_aurora!

BUNDLED WITH
   2.2.33
