PATH
  remote: .
  specs:
    waterfurnace_aurora (0.3.13)
      ccutrer-serialport (~> 1.0.0)
      homie-mqtt (~> 1.4.4)
      net-telnet-rfc2217 (~> 1.0, >= 1.0.1)
      rmodbus-ccutrer (~> 2.1)
      sinatra (~> 2.1)

GEM
  remote: https://rubygems.org/
  specs:
    ast (2.4.2)
    byebug (9.1.0)
    ccutrer-serialport (1.0.0)
      ffi (~> 1.9, >= 1.9.3)
    digest-crc (0.6.4)
      rake (>= 12.0.0, < 14.0.0)
    ffi (1.15.3)
    homie-mqtt (1.4.4)
      mqtt-ccutrer (~> 1.0)
    mqtt-ccutrer (1.0.0)
    mustermann (1.1.1)
      ruby2_keywords (~> 0.0.1)
    net-telnet (0.2.0)
    net-telnet-rfc2217 (1.0.1)
      net-telnet (~> 0.2.0)
    parallel (1.20.1)
    parser (3.0.2.0)
      ast (~> 2.4.1)
    rack (2.2.3)
    rack-protection (2.1.0)
      rack
    rainbow (3.0.0)
    rake (13.0.6)
    regexp_parser (2.1.1)
    rexml (3.2.5)
    rmodbus-ccutrer (2.1.0)
      digest-crc (~> 0.1)
    rubocop (1.19.1)
      parallel (~> 1.10)
      parser (>= 3.0.0.0)
      rainbow (>= 2.2.2, < 4.0)
      regexp_parser (>= 1.8, < 3.0)
      rexml
      rubocop-ast (>= 1.9.1, < 2.0)
      ruby-progressbar (~> 1.7)
      unicode-display_width (>= 1.4.0, < 3.0)
    rubocop-ast (1.10.0)
      parser (>= 3.0.1.1)
    ruby-progressbar (1.11.0)
    ruby2_keywords (0.0.5)
    sinatra (2.1.0)
      mustermann (~> 1.0)
      rack (~> 2.2)
      rack-protection (= 2.1.0)
      tilt (~> 2.0)
    tilt (2.0.10)
    unicode-display_width (2.0.0)

PLATFORMS
  ruby

DEPENDENCIES
  byebug (~> 9.0)
  rubocop (~> 1.19)
  waterfurnace_aurora!

BUNDLED WITH
   2.1.4
