PATH
  remote: .
  specs:
    waterfurnace_aurora (1.4.6)
      ccutrer-serialport (~> 1.0)
      mqtt-homeassistant (~> 0.1, >= 0.1.3)
      net-telnet-rfc2217 (~> 1.0, >= 1.0.1)
      rmodbus-ccutrer (~> 2.1)
      sinatra (~> 2.1)
      thin (~> 1.8)

GEM
  remote: https://rubygems.org/
  specs:
    ast (2.4.2)
    byebug (11.1.3)
    ccutrer-serialport (1.1.0)
      ffi (~> 1.9, >= 1.9.3)
    daemons (1.4.1)
    digest-crc (0.6.4)
      rake (>= 12.0.0, < 14.0.0)
    eventmachine (1.2.7)
    ffi (1.15.5)
    homie-mqtt (1.6.3)
      mqtt-ccutrer (~> 1.0, >= 1.0.3)
      ruby2_keywords (~> 0.0.5)
    json (2.6.2)
    mqtt-ccutrer (1.0.3)
    mqtt-homeassistant (0.1.4)
      homie-mqtt (~> 1.6)
      json (~> 2.0)
    mustermann (2.0.2)
      ruby2_keywords (~> 0.0.1)
    net-telnet (0.2.0)
    net-telnet-rfc2217 (1.0.2)
      net-telnet (~> 0.2.0)
    parallel (1.22.1)
    parser (3.1.2.1)
      ast (~> 2.4.1)
    rack (2.2.6.3)
    rack-protection (2.2.4)
      rack
    rainbow (3.1.1)
    rake (13.0.6)
    regexp_parser (2.5.0)
    rexml (3.2.5)
    rmodbus-ccutrer (2.1.0)
      digest-crc (~> 0.1)
    rubocop (1.35.1)
      json (~> 2.3)
      parallel (~> 1.10)
      parser (>= 3.1.2.1)
      rainbow (>= 2.2.2, < 4.0)
      regexp_parser (>= 1.8, < 3.0)
      rexml (>= 3.2.5, < 4.0)
      rubocop-ast (>= 1.20.1, < 2.0)
      ruby-progressbar (~> 1.7)
      unicode-display_width (>= 1.4.0, < 3.0)
    rubocop-ast (1.21.0)
      parser (>= 3.1.1.0)
    rubocop-performance (1.14.3)
      rubocop (>= 1.7.0, < 2.0)
      rubocop-ast (>= 0.4.0)
    rubocop-rake (0.6.0)
      rubocop (~> 1.0)
    ruby-progressbar (1.11.0)
    ruby2_keywords (0.0.5)
    sinatra (2.2.4)
      mustermann (~> 2.0)
      rack (~> 2.2)
      rack-protection (= 2.2.4)
      tilt (~> 2.0)
    thin (1.8.1)
      daemons (~> 1.0, >= 1.0.9)
      eventmachine (~> 1.0, >= 1.0.4)
      rack (>= 1, < 3)
    tilt (2.1.0)
    unicode-display_width (2.2.0)

PLATFORMS
  ruby

DEPENDENCIES
  byebug (~> 11.0)
  rubocop (~> 1.23)
  rubocop-performance (~> 1.12)
  rubocop-rake (~> 0.6)
  waterfurnace_aurora!

BUNDLED WITH
   2.1.4
